GEM
  remote: https://rubygems.org/
  specs:
    RedCloth (4.2.9)
    crack (0.4.1)
      safe_yaml (~> 0.9.0)
    mime-types (1.25)
    mini_portile (0.5.1)
    nokogiri (1.6.0)
      mini_portile (~> 0.5.0)
    pdfkit (0.5.4)
    rest-client (1.6.7)
      mime-types (>= 1.16)
    safe_yaml (0.9.5)

PLATFORMS
  ruby

DEPENDENCIES
  RedCloth
  crack
  nokogiri
  pdfkit
  rest-client
